PATH
  remote: .
  specs:
    fixture_reducer (0.1.0)

GEM
  remote: https://rubygems.org/
  specs:
    bump (0.3.9)
    rake (10.0.3)

PLATFORMS
  ruby

DEPENDENCIES
  bump
  fixture_reducer!
  rake
